GEM
  remote: http://rubygems.org/
  specs:
    chunky_png (1.2.5)
    compass (0.12.2)
      chunky_png (~> 1.2)
      fssm (>= 0.2.7)
      sass (~> 3.1)
    fssm (0.2.9)
    rack (1.4.1)
    rack-protection (1.2.0)
      rack
    sass (3.1.20)
    shotgun (0.9)
      rack (>= 1.0)
    sinatra (1.3.2)
      rack (~> 1.3, >= 1.3.6)
      rack-protection (~> 1.2)
      tilt (~> 1.3, >= 1.3.3)
    sinatra-twitter-oauth (0.0.3)
    tilt (1.3.3)

PLATFORMS
  ruby

DEPENDENCIES
  compass
  rack
  sass
  shotgun
  sinatra (= 1.3.2)
  sinatra-twitter-oauth
